REDIRECTS: ON
STRATEGY: MAX
FRAMEWORK: >= NET452
NUGET
  remote: https://api.nuget.org/v3/index.json
    Autofac (4.3)
    Discord.Net (0.9.6)
      Newtonsoft.Json (>= 8.0.3)
      Nito.AsyncEx (>= 3.0.1)
      RestSharp (>= 105.2.3)
      WebSocket4Net (>= 0.14.1)
    Discord.Net.Commands (0.9.6)
      Discord.Net (>= 0.9.6)
    FeatureSwitcher (1.1)
    FluentValidation (6.2.1)
    Microsoft.ApplicationInsights (2.2)
    Microsoft.Azure.KeyVault.Core (2.0.4)
    Microsoft.Azure.WebJobs (1.1.2)
      Microsoft.Azure.WebJobs.Core (1.1.2)
      Newtonsoft.Json (>= 6.0.8)
      WindowsAzure.Storage (>= 4.3)
    Microsoft.Azure.WebJobs.Core (1.1.2)
    Microsoft.Bcl (1.1.10)
      Microsoft.Bcl.Build (>= 1.0.14)
    Microsoft.Bcl.Async (1.0.168)
      Microsoft.Bcl (>= 1.1.8)
    Microsoft.Bcl.Build (1.0.21) - import_targets: false
    Microsoft.Data.Edm (5.8.2)
    Microsoft.Data.OData (5.8.2)
      Microsoft.Data.Edm (5.8.2)
      System.Spatial (5.8.2)
    Microsoft.Data.Services.Client (5.8.2)
      Microsoft.Data.OData (5.8.2)
    Microsoft.Net.Http (2.2.29)
      Microsoft.Bcl (>= 1.1.10)
      Microsoft.Bcl.Build (>= 1.0.14)
    Microsoft.Web.WebJobs.Publish (1.0.12)
    Newtonsoft.Json (9.0.1)
    Nito.AsyncEx (4.0.1)
      Microsoft.Bcl (>= 1.1.10)
      Microsoft.Bcl.Async (>= 1.0.168)
      Microsoft.Bcl.Build (>= 1.0.21)
    refit (2.4.1)
      Newtonsoft.Json (>= 6.0.5)
    RestSharp (105.2.3)
    System.Reactive (3.1.1)
      System.Reactive.PlatformServices (>= 3.1.1)
      System.Reactive.Windows.Threading (>= 3.1.1)
    System.Reactive.Core (3.1.1)
      System.Reactive.Interfaces (>= 3.1.1)
    System.Reactive.Interfaces (3.1.1)
    System.Reactive.Linq (3.1.1)
      System.Reactive.Core (>= 3.1.1)
    System.Reactive.PlatformServices (3.1.1)
      System.Reactive.Linq (>= 3.1.1)
    System.Reactive.Windows.Threading (3.1.1)
      System.Reactive.Core (>= 3.1.1)
    System.Spatial (5.8.2)
    WebSocket4Net (0.14.1)
    WindowsAzure.Storage (8.1.1)
      Microsoft.Azure.KeyVault.Core (>= 1.0)
      Microsoft.Data.OData (>= 5.8.2)
      Microsoft.Data.Services.Client (>= 5.8.2)
      Newtonsoft.Json (>= 6.0.8)
